PATH
  remote: .
  specs:
    debug_helper (1.7.0)

GEM
  remote: https://rubygems.org/
  specs:
    minitest (5.11.3)
    rake (10.5.0)

PLATFORMS
  x64-mingw32

DEPENDENCIES
  bundler (~> 1.16)
  debug_helper!
  minitest (~> 5.0)
  rake (~> 10.0)

BUNDLED WITH
   1.16.2
